GEM
  remote: http://rubygems.org/
  specs:
    bson (4.15.0)
    concurrent-ruby (1.2.2)
    faker (3.2.0)
      i18n (>= 1.8.11, < 2)
    i18n (1.14.1)
      concurrent-ruby (~> 1.0)
    mongo (2.19.1)
      bson (>= 4.14.1, < 5.0.0)

PLATFORMS
  arm64-darwin-22

DEPENDENCIES
  faker
  mongo

BUNDLED WITH
   2.4.10
